GEM
  remote: https://rubygems.org/
  specs:
    json (1.8.6)
    line-bot-api (1.11.0)
    mustermann (1.0.3)
    open-weather (0.12.0)
      json (~> 1)
    rack (2.0.7)
    rack-protection (2.0.5)
      rack
    sinatra (2.0.5)
      mustermann (~> 1.0)
      rack (~> 2.0)
      rack-protection (= 2.0.5)
      tilt (~> 2.0)
    tilt (2.0.9)

PLATFORMS
  ruby

DEPENDENCIES
  json
  line-bot-api
  open-weather
  sinatra

BUNDLED WITH
   2.0.2
