GEM
  remote: https://rubygems.org/
  specs:
    json (1.8.6)
    line-bot-api (1.11.0)
    mustermann (1.1.1)
      ruby2_keywords (~> 0.0.1)
    open-weather (0.12.0)
      json (~> 1)
    rack (2.2.3)
    rack-protection (2.2.0)
      rack
    ruby2_keywords (0.0.5)
    sinatra (2.2.0)
      mustermann (~> 1.0)
      rack (~> 2.2)
      rack-protection (= 2.2.0)
      tilt (~> 2.0)
    tilt (2.0.10)

PLATFORMS
  ruby

DEPENDENCIES
  json
  line-bot-api
  open-weather
  sinatra

BUNDLED WITH
   2.0.2
